GEM
  remote: http://rubygems.org/
  specs:
    activesupport (3.0.10)
    archive-tar-minitar (0.5.2)
    awesome_print (0.4.0)
    cinch (1.1.3)
    coderay (0.9.8)
    columnize (0.3.4)
    hiredis (0.3.2)
    i18n (0.6.0)
    linecache19 (0.5.12)
      ruby_core_source (>= 0.1.4)
    method_source (0.6.0)
      ruby_parser (>= 2.0.5)
    pry (0.9.3)
      coderay (>= 0.9.8)
      method_source (>= 0.6.0)
      ruby_parser (>= 2.0.5)
      slop (~> 1.9.0)
    rake (0.9.2)
    redis (2.2.2)
    redis-namespace (1.1.0)
      redis (< 3.0.0)
    ruby-debug-base19 (0.11.25)
      columnize (>= 0.3.1)
      linecache19 (>= 0.5.11)
      ruby_core_source (>= 0.1.4)
    ruby-debug19 (0.11.6)
      columnize (>= 0.3.1)
      linecache19 (>= 0.5.11)
      ruby-debug-base19 (>= 0.11.19)
    ruby_core_source (0.1.5)
      archive-tar-minitar (>= 0.5.2)
    ruby_parser (2.2.0)
      sexp_processor (~> 3.0)
    sexp_processor (3.0.6)
    slop (1.9.1)

PLATFORMS
  ruby

DEPENDENCIES
  activesupport
  awesome_print
  cinch
  hiredis
  i18n
  pry
  rake
  redis
  redis-namespace
  ruby-debug19
