GEM
  remote: http://rubygems.org/
  specs:
    activesupport (3.2.9)
      i18n (~> 0.6)
      multi_json (~> 1.0)
    awesome_print (1.1.0)
    cinch (2.0.3)
    coderay (1.0.8)
    curb (0.8.3)
    diff-lcs (1.1.3)
    ethon (0.5.3)
      ffi (~> 1.0.11)
      mime-types (~> 1.18)
    fakefs (0.4.1)
    faraday (0.8.4)
      multipart-post (~> 1.1)
    ffi (1.0.11)
    github_api (0.8.1)
      faraday (~> 0.8.1)
      hashie (~> 1.2.0)
      multi_json (~> 1.3)
      nokogiri (~> 1.5.2)
      oauth2
    hashie (1.2.0)
    hiredis (0.4.5)
    httpauth (0.2.0)
    i18n (0.6.1)
    json (1.7.5)
    jwt (0.1.5)
      multi_json (>= 1.0)
    method_source (0.8.1)
    mime-types (1.19)
    multi_json (1.3.7)
    multipart-post (1.1.5)
    nokogiri (1.5.5)
    oauth2 (0.8.0)
      faraday (~> 0.8)
      httpauth (~> 0.1)
      jwt (~> 0.1.4)
      multi_json (~> 1.0)
      rack (~> 1.2)
    pry (0.9.10)
      coderay (~> 1.0.5)
      method_source (~> 0.8)
      slop (~> 3.3.1)
    pry-nav (0.2.2)
      pry (~> 0.9.10)
    rack (1.4.1)
    rake (10.0.1)
    redis (3.0.2)
    redis-namespace (1.2.1)
      redis (~> 3.0.0)
    redis-objects (0.6.1)
      redis (>= 3.0.2)
    rspec (2.12.0)
      rspec-core (~> 2.12.0)
      rspec-expectations (~> 2.12.0)
      rspec-mocks (~> 2.12.0)
    rspec-core (2.12.0)
    rspec-expectations (2.12.0)
      diff-lcs (~> 1.1.3)
    rspec-mocks (2.12.0)
    slop (3.3.3)
    typhoeus (0.5.1)
      ethon (= 0.5.3)

PLATFORMS
  ruby

DEPENDENCIES
  activesupport
  awesome_print
  cinch
  curb
  fakefs
  github_api
  hiredis
  i18n
  json
  nokogiri
  pry
  pry-nav
  rake
  redis
  redis-namespace
  redis-objects
  rspec
  typhoeus
